PATH
  remote: .
  specs:
    avatax (14.4.4)
      addressable (~> 2.3)
      json (~> 1.8)
      rest-client (~> 1.6.7)

GEM
  remote: https://rubygems.org/
  specs:
    addressable (2.3.8)
    json (1.8.2)
    mime-types (1.25.1)
    rdoc (4.2.0)
      json (~> 1.4)
    rest-client (1.6.8)
      mime-types (~> 1.16)
      rdoc (>= 2.4.2)

PLATFORMS
  ruby

DEPENDENCIES
  avatax!
